GIT
  remote: https://github.com/slim-template/slim.git
  revision: 39cc3fb82b34092ec9e92b8057c5b60c426ffca5
  specs:
    slim (4.1.0)
      temple (>= 0.7.6, < 0.9)
      tilt (>= 2.0.6, < 2.1)

GEM
  remote: https://rubygems.org/
  specs:
    activesupport (7.0.3.1)
      concurrent-ruby (~> 1.0, >= 1.0.2)
      i18n (>= 1.6, < 2)
      minitest (>= 5.1)
      tzinfo (~> 2.0)
    addressable (2.3.8)
    ansi (1.5.0)
    blankslate (2.1.2.4)
    builder (3.2.2)
    classifier-reborn (2.0.4)
      fast-stemmer (~> 1.0)
    coderay (1.1.0)
    coffee-script (2.4.1)
      coffee-script-source
      execjs
    coffee-script-source (1.10.0)
    colorator (0.1)
    concurrent-ruby (1.1.10)
    cucumber (2.0.2)
      builder (>= 2.1.2)
      cucumber-core (~> 1.2.0)
      diff-lcs (>= 1.1.3)
      gherkin (~> 2.12)
      multi_json (>= 1.7.5, < 2.0)
      multi_test (>= 0.1.2)
    cucumber-core (1.2.0)
      gherkin (~> 2.12.0)
    diff-lcs (1.2.5)
    docile (1.1.5)
    execjs (2.6.0)
    fast-stemmer (1.0.2)
    ffi (1.9.10)
    gherkin (2.12.2)
      multi_json (~> 1.3)
    i18n (1.12.0)
      concurrent-ruby (~> 1.0)
    jekyll (3.0.0)
      colorator (~> 0.1)
      jekyll-sass-converter (~> 1.0)
      jekyll-watch (~> 1.1)
      kramdown (~> 1.3)
      liquid (~> 3.0)
      mercenary (~> 0.3.3)
      rouge (~> 1.7)
      safe_yaml (~> 1.0)
    jekyll-coffeescript (1.0.1)
      coffee-script (~> 2.2)
    jekyll-feed (0.3.1)
    jekyll-gist (1.3.5)
    jekyll-paginate (1.1.0)
    jekyll-sass-converter (1.3.0)
      sass (~> 3.2)
    jekyll-slim (0.8.2)
      jekyll (>= 0.10.0)
      slim
    jekyll-watch (1.3.0)
      listen (~> 3.0)
    jekyll_test_plugin (0.1.0)
    jekyll_test_plugin_malicious (0.1.0)
    json (1.8.6)
    kramdown (1.9.0)
    launchy (2.4.3)
      addressable (~> 2.3)
    liquid (3.0.6)
    liquid-c (3.0.0)
      liquid (>= 3.0.0)
    listen (3.0.4)
      rb-fsevent (>= 0.9.3)
      rb-inotify (>= 0.9)
    mercenary (0.3.5)
    method_source (0.8.2)
    mime-types (2.6.2)
    minitest (5.8.2)
    minitest-profile (0.0.2)
    minitest-reporters (1.1.5)
      ansi
      builder
      minitest (>= 5.0)
      ruby-progressbar
    multi_json (1.11.2)
    multi_test (0.1.2)
    parslet (1.5.0)
      blankslate (~> 2.0)
    posix-spawn (0.3.11)
    pry (0.10.3)
      coderay (~> 1.1.0)
      method_source (~> 0.8.1)
      slop (~> 3.4)
    pygments.rb (0.6.3)
      posix-spawn (~> 0.3.6)
      yajl-ruby (~> 1.2.0)
    rake (10.4.2)
    rb-fsevent (0.9.6)
    rb-inotify (0.9.5)
      ffi (>= 0.5.0)
    rdiscount (2.1.8)
    rdoc (4.2.0)
      json (~> 1.4)
    redcarpet (3.3.3)
    redgreen (1.2.2)
    rouge (1.10.1)
    rspec-mocks (3.4.0)
      diff-lcs (>= 1.2.0, < 2.0)
      rspec-support (~> 3.4.0)
    rspec-support (3.4.0)
    ruby-progressbar (1.7.5)
    safe_yaml (1.0.4)
    sass (3.4.19)
    shoulda (3.5.0)
      shoulda-context (~> 1.0, >= 1.0.1)
      shoulda-matchers (>= 1.4.1, < 3.0)
    shoulda-context (1.2.1)
    shoulda-matchers (2.8.0)
      activesupport (>= 3.0.0)
    simplecov (0.10.0)
      docile (~> 1.1.0)
      json (~> 1.8)
      simplecov-html (~> 0.10.0)
    simplecov-html (0.10.0)
    slop (3.6.0)
    temple (0.8.2)
    tilt (2.0.10)
    toml (0.1.2)
      parslet (~> 1.5.0)
    tzinfo (2.0.5)
      concurrent-ruby (~> 1.0)
    yajl-ruby (1.2.1)

PLATFORMS
  ruby

DEPENDENCIES
  classifier-reborn (~> 2.0)
  cucumber (~> 2.0, < 2.1)
  jekyll
  jekyll-coffeescript (~> 1.0)
  jekyll-feed
  jekyll-gist (~> 1.0)
  jekyll-paginate (~> 1.0)
  jekyll-slim
  jekyll_test_plugin
  jekyll_test_plugin_malicious
  kramdown (~> 1.9)
  launchy (~> 2.3)
  liquid-c (~> 3.0)
  mime-types (~> 2.6)
  minitest
  minitest-profile
  minitest-reporters
  pry
  pygments.rb (~> 0.6.0)
  rake (~> 10.1)
  rdiscount (~> 2.0)
  rdoc (~> 4.2)
  redcarpet (~> 3.2, >= 3.2.3)
  redgreen (~> 1.2)
  rspec-mocks
  shoulda (~> 3.5)
  simplecov (~> 0.9)
  slim!
  toml (~> 0.1.0)
